GEM
  remote: https://rubygems.org/
  specs:
    blankslate (3.1.3)
    parslet (1.7.1)
      blankslate (>= 2.0, <= 4.0)
    sfrp (1.5.2)
      parslet (= 1.7.1)

PLATFORMS
  ruby

DEPENDENCIES
  sfrp (= 1.5.2)

BUNDLED WITH
   1.12.5
